GEM
  remote: https://rubygems.org/
  specs:
    CFPropertyList (2.2.8)
    ProMotion (2.3.0)
      methadone (~> 1.7)
    awesome_print (1.2.0)
    builder (3.2.2)
    calabash-common (0.0.1)
      cucumber (~> 1.3.0)
    calabash-cucumber (0.12.0)
      CFPropertyList (~> 2.2.8)
      awesome_print (~> 1.2.0)
      bundler (~> 1.3)
      calabash-common (~> 0.0.1)
      cucumber (~> 1.3.17)
      edn (~> 1.0.6)
      geocoder (~> 1.1.8)
      httpclient (~> 2.3.3)
      json (~> 1.8)
      run_loop (~> 1.2.0)
      sim_launcher (~> 0.4.13)
      slowhandcuke (~> 0.0.3)
    cucumber (1.3.19)
      builder (>= 2.1.2)
      diff-lcs (>= 1.1.3)
      gherkin (~> 2.12)
      multi_json (>= 1.7.5, < 2.0)
      multi_test (>= 0.1.2)
    dbt (1.1.5)
    diff-lcs (1.2.5)
    edn (1.0.6)
    geocoder (1.1.9)
    gherkin (2.12.2)
      multi_json (~> 1.3)
    httpclient (2.3.4.1)
    json (1.8.2)
    methadone (1.9.0)
      bundler
    motion-crescentia (0.12.0.1)
      calabash-cucumber (= 0.12.0)
    motion-kit (0.17.0)
      dbt (~> 1.1.5)
    motion-wiretap (1.1.9)
    multi_json (1.11.0)
    multi_test (0.1.2)
    rack (1.6.0)
    rack-protection (1.5.3)
      rack
    rake (10.4.2)
<<<<<<< HEAD
    redcarpet (3.2.2)
    retriable (1.4.1)
    run_loop (1.2.9)
=======
    retriable (1.3.3.1)
    run_loop (1.1.0)
>>>>>>> Disable redcarpet for now, bump ruby to 2.2.0
      CFPropertyList (~> 2.2)
      awesome_print (~> 1.2)
      json (~> 1.8)
      retriable (>= 1.3.3.1, < 2.0)
    sim_launcher (0.4.13)
      sinatra
    sinatra (1.4.6)
      rack (~> 1.4)
      rack-protection (~> 1.4)
      tilt (>= 1.3, < 3)
    slowhandcuke (0.0.3)
      cucumber
    sugarcube (3.3.4)
    tilt (2.0.1)
    yard (0.8.7.6)
    yard-cucumber (2.3.2)
      cucumber (~> 1.3)
      gherkin (~> 2.12)
      yard (>= 0.8.1)
    yard-rspec (0.1)
      yard

PLATFORMS
  ruby

DEPENDENCIES
  ProMotion
  json
  motion-crescentia
  motion-kit
  motion-wiretap
  rake
  sugarcube
  yard
  yard-cucumber
  yard-rspec
