GEM
  remote: https://rubygems.org/
  specs:
    ProMotion (2.5.0)
      methadone (~> 1.7)
      motion_print (~> 1.0)
    ProMotion-iap (0.2.1)
    RedAlert (1.5)
      ruby_motion_query (>= 1.3.4)
    activesupport (4.2.5.1)
      i18n (~> 0.7)
      json (~> 1.7, >= 1.7.7)
      minitest (~> 5.1)
      thread_safe (~> 0.3, >= 0.3.4)
      tzinfo (~> 1.1)
    builder (3.2.2)
    claide (0.9.1)
    cocoapods (0.38.2)
      activesupport (>= 3.2.15)
      claide (~> 0.9.1)
      cocoapods-core (= 0.38.2)
      cocoapods-downloader (~> 0.9.1)
      cocoapods-plugins (~> 0.4.2)
      cocoapods-stats (~> 0.5.3)
      cocoapods-trunk (~> 0.6.1)
      cocoapods-try (~> 0.4.5)
      colored (~> 1.2)
      escape (~> 0.0.4)
      molinillo (~> 0.3.1)
      nap (~> 0.8)
      xcodeproj (~> 0.26.3)
    cocoapods-core (0.38.2)
      activesupport (>= 3.2.15)
      fuzzy_match (~> 2.0.4)
      nap (~> 0.8.0)
    cocoapods-downloader (0.9.3)
    cocoapods-plugins (0.4.2)
      nap
    cocoapods-stats (0.5.3)
      nap (~> 0.8)
    cocoapods-trunk (0.6.4)
      nap (>= 0.8, < 2.0)
      netrc (= 0.7.8)
    cocoapods-try (0.4.5)
    colored (1.2)
    cucumber (1.3.20)
      builder (>= 2.1.2)
      diff-lcs (>= 1.1.3)
      gherkin (~> 2.12)
      multi_json (>= 1.7.5, < 2.0)
      multi_test (>= 0.1.2)
    diff-lcs (1.2.5)
    escape (0.0.4)
    fuzzy_match (2.0.4)
    gherkin (2.12.2)
      multi_json (~> 1.3)
    i18n (0.7.0)
    json (1.8.3)
    methadone (1.9.2)
      bundler
    minitest (5.8.4)
    molinillo (0.3.1)
    motion-cocoapods (1.7.8)
      cocoapods (>= 0.34)
    motion-fileutils (0.1.1)
    motion-yaml (1.5.5)
    motion_print (1.2.0)
    multi_json (1.11.2)
    multi_test (0.1.2)
    nap (0.8.0)
    netrc (0.7.8)
    rake (10.5.0)
    redcarpet (3.3.4)
    redpotion (1.5.0)
      ProMotion (>= 2.5.0)
      RedAlert
      motion-cocoapods
      motion_print
      rake
      ruby_motion_query (>= 1.7.0)
    ruby_motion_query (1.7.0)
    thread_safe (0.3.5)
    tzinfo (1.2.2)
      thread_safe (~> 0.1)
    xcodeproj (0.26.3)
      activesupport (>= 3)
      claide (~> 0.9.1)
      colored (~> 1.2)
    yard (0.8.7.6)
    yard-cucumber (2.3.2)
      cucumber (~> 1.3)
      gherkin (~> 2.12)
      yard (>= 0.8.1)
    yard-rspec (0.1)
      yard

PLATFORMS
  ruby

DEPENDENCIES
  ProMotion-iap
  cocoapods (~> 0.38.2)
  json
  motion-cocoapods (~> 1.7.3)
  motion-fileutils (~> 0.1.1)
  motion-yaml (= 1.5.5)
  rake
  redcarpet
  redpotion
  yard
  yard-cucumber
  yard-rspec

BUNDLED WITH
   1.11.2
