GEM
  remote: https://rubygems.org/
  specs:
    CFPropertyList (2.3.1)
    ProMotion (2.4.2)
      methadone (~> 1.7)
      motion_print (~> 1.0)
    activesupport (4.2.3)
      i18n (~> 0.7)
      json (~> 1.7, >= 1.7.7)
      minitest (~> 5.1)
      thread_safe (~> 0.3, >= 0.3.4)
      tzinfo (~> 1.1)
    awesome_print (1.6.1)
    builder (3.2.2)
    calabash-common (0.0.1)
      cucumber (~> 1.3.0)
    calabash-cucumber (0.14.1)
      CFPropertyList
      awesome_print
      bundler (~> 1.3)
      calabash-common (~> 0.0.1)
      cucumber (~> 1.3.17)
      edn (>= 1.0.6, < 2.0)
      geocoder (>= 1.1.8, < 2.0)
      httpclient (>= 2.3.2, < 3.0)
      json
      run_loop (>= 1.3, < 2.0)
      sim_launcher (~> 0.4.13)
      slowhandcuke (~> 0.0.3)
    claide (0.8.2)
    cocoapods (0.37.2)
      activesupport (>= 3.2.15)
      claide (~> 0.8.1)
      cocoapods-core (= 0.37.2)
      cocoapods-downloader (~> 0.9.0)
      cocoapods-plugins (~> 0.4.2)
      cocoapods-trunk (~> 0.6.1)
      cocoapods-try (~> 0.4.5)
      colored (~> 1.2)
      escape (~> 0.0.4)
      molinillo (~> 0.2.3)
      nap (~> 0.8)
      xcodeproj (~> 0.24.2)
    cocoapods-core (0.37.2)
      activesupport (>= 3.2.15)
      fuzzy_match (~> 2.0.4)
      nap (~> 0.8.0)
    cocoapods-downloader (0.9.1)
    cocoapods-plugins (0.4.2)
      nap
    cocoapods-trunk (0.6.1)
      nap (>= 0.8)
      netrc (= 0.7.8)
    cocoapods-try (0.4.5)
    colored (1.2)
    cucumber (1.3.20)
      builder (>= 2.1.2)
      diff-lcs (>= 1.1.3)
      gherkin (~> 2.12)
      multi_json (>= 1.7.5, < 2.0)
      multi_test (>= 0.1.2)
    dbt (1.1.5)
    diff-lcs (1.2.5)
    edn (1.0.7)
    escape (0.0.4)
    fuzzy_match (2.0.4)
    geocoder (1.2.9)
    gherkin (2.12.2)
      multi_json (~> 1.3)
    httpclient (2.6.0.1)
    i18n (0.7.0)
    json (1.8.3)
    methadone (1.9.1)
      bundler
    minitest (5.7.0)
    molinillo (0.2.3)
    motion-cocoapods (1.7.1)
      cocoapods (>= 0.34)
    motion-crescentia (0.14.1.1)
      calabash-cucumber (= 0.14.1)
    motion-kit (0.17.0)
      dbt (~> 1.1.5)
    motion-wiretap (1.1.9)
    motion_print (1.1.2)
    multi_json (1.11.2)
    multi_test (0.1.2)
    nap (0.8.0)
    netrc (0.7.8)
    rack (1.6.4)
    rack-protection (1.5.3)
      rack
    rake (10.4.2)
    retriable (2.0.2)
    run_loop (1.4.0)
      CFPropertyList (~> 2.2)
      awesome_print (~> 1.2)
      json (~> 1.8)
      retriable (>= 1.3.3.1, < 2.1)
      thor (>= 0.18.1, < 1.0)
    sim_launcher (0.4.13)
      sinatra
    sinatra (1.4.6)
      rack (~> 1.4)
      rack-protection (~> 1.4)
      tilt (>= 1.3, < 3)
    slowhandcuke (0.0.3)
      cucumber
    sugarcube (3.3.5)
    thor (0.19.1)
    thread_safe (0.3.5)
    tilt (2.0.1)
    tzinfo (1.2.2)
      thread_safe (~> 0.1)
    xcodeproj (0.24.3)
      activesupport (>= 3)
      colored (~> 1.2)
    yard (0.8.7.6)
    yard-cucumber (2.3.2)
      cucumber (~> 1.3)
      gherkin (~> 2.12)
      yard (>= 0.8.1)
    yard-rspec (0.1)
      yard

PLATFORMS
  ruby

DEPENDENCIES
  ProMotion
  json
  motion-cocoapods
  motion-crescentia
  motion-kit
  motion-wiretap
  rake
  sugarcube
  yard
  yard-cucumber
  yard-rspec
