GEM
  remote: https://rubygems.org/
  specs:
    CFPropertyList (2.2.8)
    activesupport (4.1.7)
      i18n (~> 0.6, >= 0.6.9)
      json (~> 1.7, >= 1.7.7)
      minitest (~> 5.1)
      thread_safe (~> 0.1)
      tzinfo (~> 1.1)
    awesome_print (1.2.0)
    builder (3.2.2)
    calabash-common (0.0.1)
      cucumber (~> 1.3.0)
    calabash-cucumber (0.11.4)
      CFPropertyList (~> 2.2.8)
      awesome_print (~> 1.2.0)
      bundler (~> 1.3)
      calabash-common (~> 0.0.1)
      cucumber (~> 1.3.17)
      edn (~> 1.0.6)
      geocoder (~> 1.1.8)
      httpclient (~> 2.3.3)
      json (~> 1.8)
      run_loop (~> 1.1.0)
      sim_launcher (~> 0.4.13)
      slowhandcuke (~> 0.0.3)
    colored (1.2)
    cucumber (1.3.17)
      builder (>= 2.1.2)
      diff-lcs (>= 1.1.3)
      gherkin (~> 2.12)
      multi_json (>= 1.7.5, < 2.0)
      multi_test (>= 0.1.1)
    diff-lcs (1.2.5)
    edn (1.0.6)
    geocoder (1.1.9)
    gherkin (2.12.2)
      multi_json (~> 1.3)
    httpclient (2.3.4.1)
    i18n (0.6.11)
    ib (0.4.4)
      thor (>= 0.15.4)
      tilt (>= 1.4.1)
      xcodeproj (>= 0.11.1)
    json (1.8.1)
    minitest (5.4.3)
    motion-crescentia (0.11.4.2)
      calabash-cucumber (= 0.11.4)
    multi_json (1.10.1)
    multi_test (0.1.1)
    rack (1.5.2)
    rake (10.3.2)
    retriable (1.3.3.1)
    run_loop (1.1.0)
      CFPropertyList (~> 2.2)
      awesome_print (~> 1.2.0)
      json (~> 1.8)
      retriable (~> 1.3.3.1)
      thor (>= 0.18)
    sim_launcher (0.4.13)
      sinatra
    sinatra (1.0)
      rack (>= 1.0)
    slowhandcuke (0.0.3)
      cucumber
    thor (0.19.1)
    thread_safe (0.3.4)
    tilt (2.0.1)
    tzinfo (1.2.2)
      thread_safe (~> 0.1)
    xcodeproj (0.20.1)
      activesupport (>= 3)
      colored (~> 1.2)
    yard (0.8.7.6)

PLATFORMS
  ruby

DEPENDENCIES
  ib
  json
  motion-crescentia
  rake
  yard
